PATH
  remote: .
  specs:
    fx_u_like (0.1.0.pre)
      nokogiri (~> 1.18)
      sinatra (~> 4.1)

GEM
  remote: https://rubygems.org/
  specs:
    base64 (0.2.0)
    logger (1.7.0)
    mini_portile2 (2.8.8)
    mustermann (3.0.3)
      ruby2_keywords (~> 0.0.1)
    nio4r (2.7.4)
    nokogiri (1.18.7)
      mini_portile2 (~> 2.8.2)
      racc (~> 1.4)
    nokogiri (1.18.7-aarch64-linux-gnu)
      racc (~> 1.4)
    nokogiri (1.18.7-aarch64-linux-musl)
      racc (~> 1.4)
    nokogiri (1.18.7-arm-linux-gnu)
      racc (~> 1.4)
    nokogiri (1.18.7-arm-linux-musl)
      racc (~> 1.4)
    nokogiri (1.18.7-arm64-darwin)
      racc (~> 1.4)
    nokogiri (1.18.7-x86_64-darwin)
      racc (~> 1.4)
    nokogiri (1.18.7-x86_64-linux-gnu)
      racc (~> 1.4)
    nokogiri (1.18.7-x86_64-linux-musl)
      racc (~> 1.4)
    power_assert (1.0.1)
    puma (6.6.0)
      nio4r (~> 2.0)
    racc (1.8.1)
    rack (3.1.12)
    rack-protection (4.1.1)
      base64 (>= 0.1.0)
      logger (>= 1.6.0)
      rack (>= 3.0.0, < 4)
    rack-session (2.1.0)
      base64 (>= 0.1.0)
      rack (>= 3.0.0)
    rackup (2.2.1)
      rack (>= 3)
    rake (13.2.1)
    ruby2_keywords (0.0.5)
    sinatra (4.1.1)
      logger (>= 1.6.0)
      mustermann (~> 3.0)
      rack (>= 3.0.0, < 4)
      rack-protection (= 4.1.1)
      rack-session (>= 2.0.0, < 3)
      tilt (~> 2.0)
    test-unit (3.6.7)
      power_assert
    tilt (2.0.7)

PLATFORMS
  aarch64-linux-gnu
  aarch64-linux-musl
  arm-linux-gnu
  arm-linux-musl
  arm64-darwin
  ruby
  x86_64-darwin
  x86_64-linux-gnu
  x86_64-linux-musl

DEPENDENCIES
  bundler (~> 2.6)
  fx_u_like!
  puma (~> 6.6)
  rackup (~> 2.2)
  rake (~> 13.2)
  test-unit (~> 3.6)

BUNDLED WITH
   2.6.6
